GIT
  remote: git@github.com:maxbrunsfeld/vimbot.git
  revision: 83bf87fcc3ad7ac72a31cc2baac69cca2f58f5ba
  specs:
    vimbot (0.0.1)

GEM
  specs:
    diff-lcs (1.1.3)
    rspec (2.8.0)
      rspec-core (~> 2.8.0)
      rspec-expectations (~> 2.8.0)
      rspec-mocks (~> 2.8.0)
    rspec-core (2.8.0)
    rspec-expectations (2.8.0)
      diff-lcs (~> 1.1.2)
    rspec-mocks (2.8.0)

PLATFORMS
  ruby

DEPENDENCIES
  rspec
  vimbot!
